GIT
  remote: git://github.com/thibaudgg/video_info.git
  revision: f0a552e96feac772e35637183d3e72e895791359
  specs:
    video_info (2.6.0)
      iso8601 (~> 0.9)
      net_http_timeout_errors (~> 0.3.0)
      oga (~> 2.2)

GEM
  remote: https://rubygems.org/
  specs:
    ansi (1.5.0)
    ast (2.2.0)
    iso8601 (0.9.0)
    net_http_timeout_errors (0.3.0)
    oga (2.2)
      ast
      ruby-ll (~> 2.1)
    rack (1.6.4)
    rack-protection (1.5.3)
      rack
    ruby-ll (2.1.2)
      ansi
      ast
    sinatra (1.4.7)
      rack (~> 1.5)
      rack-protection (~> 1.4)
      tilt (>= 1.3, < 3)
    tilt (2.0.2)

PLATFORMS
  ruby

DEPENDENCIES
  sinatra (= 1.4.7)
  video_info!

BUNDLED WITH
   1.11.2
